GEM
  remote: https://rubygems.org/
  specs:
    artifactory (2.5.1)
    coderay (1.1.1)
    json (2.0.2)
    kitchen-ansible (0.45.4)
      net-ssh (~> 3.0)
      test-kitchen (~> 1.4)
    kitchen-vagrant (0.21.1)
      test-kitchen (~> 1.4)
    method_source (0.8.2)
    mixlib-install (2.1.9)
      artifactory
      mixlib-shellout
      mixlib-versioning
      thor
    mixlib-shellout (2.2.7)
    mixlib-versioning (1.1.0)
    net-scp (1.2.1)
      net-ssh (>= 2.6.5)
    net-ssh (3.2.0)
    net-ssh-gateway (1.2.0)
      net-ssh (>= 2.6.5)
    pry (0.10.4)
      coderay (~> 1.1.0)
      method_source (~> 0.8.1)
      slop (~> 3.4)
    safe_yaml (1.0.4)
    slop (3.6.0)
    test-kitchen (1.14.2)
      mixlib-install (>= 1.2, < 3.0)
      mixlib-shellout (>= 1.2, < 3.0)
      net-scp (~> 1.1)
      net-ssh (>= 2.9, < 4.0)
      net-ssh-gateway (~> 1.2.0)
      safe_yaml (~> 1.0)
      thor (~> 0.18)
    thor (0.19.4)

PLATFORMS
  ruby

DEPENDENCIES
  json!
  kitchen-ansible!
  kitchen-vagrant!
  pry!
  test-kitchen!

BUNDLED WITH
   1.13.6
